GEM
  remote: https://rubygems.org/
  specs:
    coderay (1.1.2)
    ffi (1.10.0)
    highline (2.0.2)
    method_source (0.9.2)
    pry (0.12.2)
      coderay (~> 1.1.0)
      method_source (~> 0.9.0)
    rake (12.3.2)
    rbnacl (6.0.1)
      ffi

PLATFORMS
  ruby

DEPENDENCIES
  highline
  pry
  rake
  rbnacl

RUBY VERSION
   ruby 2.5.3p105

BUNDLED WITH
   2.0.1
